GEM
  remote: https://rubygems.org/
  specs:
    addressable (2.5.2)
      public_suffix (>= 2.0.2, < 4.0)
    backports (3.11.4)
    domain_name (0.5.20190701)
      unf (>= 0.0.5, < 1.0.0)
    dyno_metadata (0.0.2)
    faraday (0.15.4)
      multipart-post (>= 1.2, < 3)
    faraday-cookie_jar (0.0.7)
      faraday (>= 0.8.0)
      http-cookie (~> 1.0.0)
    faraday-encoding (0.0.5)
      faraday
    faraday-http-cache (2.0.0)
      faraday (~> 0.8)
    faraday_middleware (0.12.2)
      faraday (>= 0.7.4, < 1.0)
    fastimage (2.1.7)
    haml (5.0.4)
      temple (>= 0.8.0)
      tilt
    http-cookie (1.0.3)
      domain_name (~> 0.5)
    io-console (0.5.6)
    irb (1.2.7)
      reline (>= 0.1.5)
    metainspector (5.7.0)
      addressable (~> 2.5.2)
      faraday (~> 0.15.3)
      faraday-cookie_jar (~> 0.0.6)
      faraday-encoding (~> 0.0.5)
      faraday-http-cache (~> 2.0.0)
      faraday_middleware (~> 0.12.2)
      fastimage (~> 2.1.4)
      nesty (~> 1.0.2)
      nokogiri (~> 1.10.4)
    mini_portile2 (2.4.0)
    multi_json (1.13.1)
    multipart-post (2.1.1)
    mustermann (1.0.3)
    nesty (1.0.2)
    nio4r (2.5.2)
    nokogiri (1.10.10)
      mini_portile2 (~> 2.4.0)
    public_suffix (3.0.3)
    puma (4.3.5)
      nio4r (~> 2.0)
    rack (2.2.3)
    rack-protection (2.0.5)
      rack
    reline (0.1.7)
      io-console (~> 0.5)
    sinatra (2.0.5)
      mustermann (~> 1.0)
      rack (~> 2.0)
      rack-protection (= 2.0.5)
      tilt (~> 2.0)
    sinatra-contrib (2.0.5)
      backports (>= 2.8.2)
      multi_json
      mustermann (~> 1.0)
      rack-protection (= 2.0.5)
      sinatra (= 2.0.5)
      tilt (>= 1.3, < 3)
    temple (0.8.0)
    tilt (2.0.9)
    twingly-url (5.1.1)
      addressable (~> 2.5.2)
      public_suffix (~> 3.0.1)
    unf (0.1.4)
      unf_ext
    unf_ext (0.0.7.7)

PLATFORMS
  ruby

DEPENDENCIES
  dyno_metadata
  haml
  irb
  metainspector
  puma
  sinatra
  sinatra-contrib
  twingly-url

RUBY VERSION
   ruby 2.6.6p146

BUNDLED WITH
   1.17.3
