GEM
  remote: https://rubygems.org/
  specs:
    addressable (2.3.8)
    backports (3.6.0)
    haml (4.0.5)
      tilt
    kgio (2.9.2)
    multi_json (1.10.1)
    public_suffix (1.5.1)
    rack (1.6.2)
    rack-protection (1.5.3)
      rack
    rack-test (0.6.2)
      rack (>= 1.0)
    raindrops (0.13.0)
    sinatra (1.4.5)
      rack (~> 1.4)
      rack-protection (~> 1.4)
      tilt (~> 1.3, >= 1.3.4)
    sinatra-contrib (1.4.2)
      backports (>= 2.0)
      multi_json
      rack-protection
      rack-test
      sinatra (~> 1.4.0)
      tilt (~> 1.3)
    tilt (1.4.1)
    twingly-url (1.3.3)
      addressable (~> 2)
      public_suffix (~> 1.4)
    unicorn (4.8.3)
      kgio (~> 2.6)
      rack
      raindrops (~> 0.7)

PLATFORMS
  ruby

DEPENDENCIES
  haml
  sinatra
  sinatra-contrib
  twingly-url
  unicorn
